GEM
  remote: https://rubygems.org/
  specs:
    date (3.3.4)
    open-uri (0.4.1)
      stringio
      time
      uri
    rexml (3.2.6)
    rss (0.3.0)
      rexml
    stringio (3.1.0)
    thor (1.3.0)
    time (0.3.0)
      date
    uri (0.13.0)

PLATFORMS
  x64-mingw-ucrt

DEPENDENCIES
  open-uri
  rss
  thor

BUNDLED WITH
   2.4.19
